GEM
  remote: https://rubygems.org/
  specs:
    coveralls_reborn (0.21.0)
      simplecov (>= 0.18.1, < 0.22.0)
      term-ansicolor (~> 1.6)
      thor (>= 0.20.3, < 2.0)
      tins (~> 1.16)
    docile (1.3.5)
    simplecov (0.21.2)
      docile (~> 1.1)
      simplecov-html (~> 0.11)
      simplecov_json_formatter (~> 0.1)
    simplecov-html (0.12.3)
    simplecov_json_formatter (0.1.2)
    sync (0.5.0)
    term-ansicolor (1.7.1)
      tins (~> 1.0)
    thor (1.1.0)
    tins (1.28.0)
      sync

PLATFORMS
  x86_64-darwin-18
  x86_64-darwin-19

DEPENDENCIES
  coveralls_reborn (~> 0.21.0)
  simplecov

BUNDLED WITH
   2.2.15
